GEM
  remote: https://rubygems.org/
  specs:
    addressable (2.8.6)
      public_suffix (>= 2.0.2, < 6.0)
    byebug (11.1.3)
    connection_pool (2.4.1)
    curb (1.0.5)
    dotenv (3.0.0)
    google_custom_search_api (2.0.0)
      addressable
      httparty
    httparty (0.21.0)
      mini_mime (>= 1.0.0)
      multi_xml (>= 0.5.2)
    mini_mime (1.1.5)
    multi_xml (0.6.0)
    parallel (1.24.0)
    public_suffix (5.0.4)
    redis (5.1.0)
      redis-client (>= 0.17.0)
    redis-classy (2.4.1)
      redis-namespace (~> 1.0)
    redis-client (0.20.0)
      connection_pool
    redis-mutex (4.0.2)
      redis-classy (~> 2.0)
    redis-namespace (1.11.0)
      redis (>= 4)
    zaru (1.0.0)

PLATFORMS
  arm64-darwin-23

DEPENDENCIES
  byebug
  curb
  dotenv
  google_custom_search_api
  parallel
  redis-mutex
  zaru

BUNDLED WITH
   2.4.10
